GEM
  remote: https://rubygems.org/
  specs:
    addressable (2.3.5)
    amq-protocol (1.9.2)
    atomic (1.1.14)
    buftok (0.2.0)
    bunny (1.1.0)
      amq-protocol (>= 1.9.2)
    descendants_tracker (0.0.3)
    equalizer (0.0.9)
    eventmachine (1.0.3)
    faraday (0.9.0)
      multipart-post (>= 1.2, < 3)
    hiredis (0.4.5)
    http (0.5.0)
      http_parser.rb
    http_parser.rb (0.6.0)
    httpclient (2.3.4.1)
    json (1.8.1)
    memoizable (0.4.0)
      thread_safe (~> 0.1.3)
    multi_json (1.8.4)
    multipart-post (2.0.0)
    naught (1.0.0)
    neography (1.3.6)
      httpclient (>= 2.3.3)
      json (>= 1.7.7)
      multi_json (>= 1.3.2)
      os (>= 0.9.6)
      rake (>= 0.8.7)
      rubyzip (>= 1.0.0)
    os (0.9.6)
    rake (10.1.1)
    redis (3.0.7)
    rubyzip (1.1.0)
    simple_oauth (0.2.0)
    thread_safe (0.1.3)
      atomic
    twitter (5.6.0)
      addressable (~> 2.3)
      buftok (~> 0.2.0)
      descendants_tracker (~> 0.0.3)
      equalizer (~> 0.0.9)
      faraday (~> 0.9.0)
      http (~> 0.5.0)
      http_parser.rb (~> 0.6.0)
      json (~> 1.8)
      memoizable (~> 0.4.0)
      naught (~> 1.0)
      simple_oauth (~> 0.2.0)

PLATFORMS
  ruby

DEPENDENCIES
  bunny (~> 1.1.0)
  eventmachine
  hiredis (~> 0.4.5)
  neography (~> 1.3.6)
  redis (~> 3.0.7)
  twitter (~> 5.6.0)
